GEM
  remote: https://rubygems.org/
  specs:
    activemodel (6.0.3.1)
      activesupport (= 6.0.3.1)
    activesupport (6.0.3.1)
      concurrent-ruby (~> 1.0, >= 1.0.2)
      i18n (>= 0.7, < 2)
      minitest (~> 5.1)
      tzinfo (~> 1.1)
      zeitwerk (~> 2.2, >= 2.2.2)
    backports (3.17.2)
    bson (4.8.2)
    coderay (1.1.3)
    concurrent-ruby (1.1.6)
    excon (0.73.0)
    fast_jsonapi (1.5)
      activesupport (>= 4.2)
    figaro (1.2.0)
      thor (>= 0.14.0, < 2)
    i18n (1.8.2)
      concurrent-ruby (~> 1.0)
    json (2.3.0)
    method_source (1.0.0)
    minitest (5.14.1)
    mongo (2.12.1)
      bson (>= 4.8.2, < 5.0.0)
    mongoid (7.1.1)
      activemodel (>= 5.1, < 6.1)
      mongo (>= 2.7.0, < 3.0.0)
    multi_json (1.14.1)
    mustermann (1.1.1)
      ruby2_keywords (~> 0.0.1)
    pry (0.13.1)
      coderay (~> 1.1)
      method_source (~> 1.0)
    rack (2.2.2)
    rack-protection (2.0.8.1)
      rack
    ruby2_keywords (0.0.2)
    sinatra (2.0.8.1)
      mustermann (~> 1.0)
      rack (~> 2.0)
      rack-protection (= 2.0.8.1)
      tilt (~> 2.0)
    sinatra-contrib (2.0.8.1)
      backports (>= 2.8.2)
      multi_json
      mustermann (~> 1.0)
      rack-protection (= 2.0.8.1)
      sinatra (= 2.0.8.1)
      tilt (~> 2.0)
    thor (1.0.1)
    thread_safe (0.3.6)
    tilt (2.0.10)
    tzinfo (1.2.7)
      thread_safe (~> 0.1)
    zeitwerk (2.3.0)

PLATFORMS
  ruby

DEPENDENCIES
  excon
  fast_jsonapi
  figaro
  json
  minitest
  mongoid (~> 7.0)
  pry
  sinatra (~> 2.0)
  sinatra-contrib

RUBY VERSION
   ruby 2.5.3p105

BUNDLED WITH
   2.1.4
